GEM
  remote: https://rubygems.org/
  specs:
    pg (0.18.1)
    rack (1.6.0)
    rack-protection (1.5.3)
      rack
    sequel (4.11.0)
    sequel_pg (1.6.11)
      pg (>= 0.8.0)
      sequel (>= 3.39.0)
    sinatra (1.4.6)
      rack (~> 1.4)
      rack-protection (~> 1.4)
      tilt (>= 1.3, < 3)
    tilt (2.0.1)

PLATFORMS
  ruby

DEPENDENCIES
  sequel
  sequel_pg
  sinatra
